GEM
  remote: https://rubygems.org/
  specs:
    minigit (0.0.4)
    net-scp (1.2.1)
      net-ssh (>= 2.6.5)
    net-ssh (3.1.1)
    power_assert (0.2.6)
    rake (11.1.2)
    ruby-progressbar (1.8.1)
    test-unit (3.1.5)
      power_assert

PLATFORMS
  ruby

DEPENDENCIES
  minigit (~> 0.0.4)
  net-scp (~> 1.2)
  net-ssh (~> 3.1)
  rake (~> 11.1)
  ruby-progressbar (~> 1.8)
  test-unit (~> 3.1)

BUNDLED WITH
   1.12.5
